PATH
  remote: .
  specs:
    my_orm (0.1.0)
      rake (~> 13.0)
      sqlite3 (~> 1.3)

GEM
  remote: https://rubygems.org/
  specs:
    activemodel (7.1.3.2)
      activesupport (= 7.1.3.2)
    activerecord (7.1.3.2)
      activemodel (= 7.1.3.2)
      activesupport (= 7.1.3.2)
      timeout (>= 0.4.0)
    activesupport (7.1.3.2)
      base64
      bigdecimal
      concurrent-ruby (~> 1.0, >= 1.0.2)
      connection_pool (>= 2.2.5)
      drb
      i18n (>= 1.6, < 2)
      minitest (>= 5.1)
      mutex_m
      tzinfo (~> 2.0)
    base64 (0.1.1)
    bigdecimal (3.1.3)
    concurrent-ruby (1.2.3)
    connection_pool (2.4.1)
    drb (2.1.1)
      ruby2_keywords
    i18n (1.14.4)
      concurrent-ruby (~> 1.0)
    minitest (5.16.3)
    mutex_m (0.1.2)
    rake (13.0.6)
    ruby2_keywords (0.0.5)
    sqlite3 (1.7.3-x64-mingw-ucrt)
    timeout (0.4.1)
    tzinfo (2.0.6)
      concurrent-ruby (~> 1.0)

PLATFORMS
  x64-mingw-ucrt

DEPENDENCIES
  activerecord (~> 7.1)
  minitest (~> 5.0)
  my_orm!
  rake (~> 13.0)
  sqlite3 (~> 1.3)

BUNDLED WITH
   2.4.19
